PATH
  remote: .
  specs:
    redis-client (0.0.0)

GEM
  remote: https://rubygems.org/
  specs:
    ast (2.4.2)
    benchmark-ips (2.10.0)
    hiredis (0.6.3)
    minitest (5.15.0)
    parallel (1.21.0)
    parser (3.1.1.0)
      ast (~> 2.4.1)
    rainbow (3.1.1)
    rake (13.0.6)
    redis (4.6.0)
    regexp_parser (2.2.1)
    rexml (3.2.5)
    rubocop (1.25.1)
      parallel (~> 1.10)
      parser (>= 3.1.0.0)
      rainbow (>= 2.2.2, < 4.0)
      regexp_parser (>= 1.8, < 3.0)
      rexml
      rubocop-ast (>= 1.15.1, < 2.0)
      ruby-progressbar (~> 1.7)
      unicode-display_width (>= 1.4.0, < 3.0)
    rubocop-ast (1.16.0)
      parser (>= 3.1.1.0)
    rubocop-minitest (0.14.0)
      rubocop (>= 0.90, < 2.0)
    ruby-progressbar (1.11.0)
    toxiproxy (2.0.0)
    unicode-display_width (2.1.0)

PLATFORMS
  ruby
  x86_64-darwin-20
  x86_64-linux

DEPENDENCIES
  benchmark-ips
  hiredis
  minitest
  rake (~> 13.0)
  redis (~> 4.6)
  redis-client!
  rubocop
  rubocop-minitest
  toxiproxy

BUNDLED WITH
   2.3.8
